PATH
  remote: .
  specs:
    iev-termbase (0.1.13)
      creek (~> 2.5)
      glossarist (~> 0.1.0)
      mathml2asciimath (< 1)
      relaton (~> 1.0)
      sequel (~> 5.40)
      sqlite3 (~> 1.4.2)
      thor (~> 1.0)
      zeitwerk (~> 2.4)

GEM
  remote: https://rubygems.org/
  specs:
    addressable (2.8.0)
      public_suffix (>= 2.0.2, < 5.0)
    bibtex-ruby (6.0.0)
      latex-decode (~> 0.0)
    cnccs (0.1.6)
    coderay (1.1.3)
    connection_pool (2.2.5)
    creek (2.5.3)
      nokogiri (>= 1.10.0)
      rubyzip (>= 1.0.0)
    debase (0.2.4.1)
      debase-ruby_core_source (>= 0.10.2)
    debase-ruby_core_source (0.10.12)
    diff-lcs (1.4.4)
    domain_name (0.5.20190701)
      unf (>= 0.0.5, < 1.0.0)
    faraday (1.6.0)
      faraday-em_http (~> 1.0)
      faraday-em_synchrony (~> 1.0)
      faraday-excon (~> 1.1)
      faraday-httpclient (~> 1.0.1)
      faraday-net_http (~> 1.0)
      faraday-net_http_persistent (~> 1.1)
      faraday-patron (~> 1.0)
      faraday-rack (~> 1.0)
      multipart-post (>= 1.2, < 3)
      ruby2_keywords (>= 0.0.4)
    faraday-em_http (1.0.0)
    faraday-em_synchrony (1.0.0)
    faraday-excon (1.1.0)
    faraday-httpclient (1.0.1)
    faraday-net_http (1.0.1)
    faraday-net_http_persistent (1.2.0)
    faraday-patron (1.0.0)
    faraday-rack (1.0.0)
    faraday_middleware (1.1.0)
      faraday (~> 1.0)
    gb-agencies (0.0.7)
    glossarist (0.1.2)
    htmlentities (4.3.4)
    http-cookie (1.0.4)
      domain_name (~> 0.5)
    iso639 (1.3.2)
    isoics (0.1.10)
    latex-decode (0.3.2)
    mathml2asciimath (0.0.11)
      htmlentities (~> 4.3.4)
      nokogiri (~> 1.11)
    mechanize (2.8.2)
      addressable (~> 2.8)
      domain_name (~> 0.5, >= 0.5.20190701)
      http-cookie (~> 1.0, >= 1.0.3)
      mime-types (~> 3.0)
      net-http-digest_auth (~> 1.4, >= 1.4.1)
      net-http-persistent (>= 2.5.2, < 5.0.dev)
      nokogiri (~> 1.11, >= 1.11.2)
      rubyntlm (~> 0.6, >= 0.6.3)
      webrick (~> 1.7)
      webrobots (~> 0.1.2)
    method_source (1.0.0)
    mime-types (3.3.1)
      mime-types-data (~> 3.2015)
    mime-types-data (3.2021.0704)
    multi_json (1.15.0)
    multipart-post (2.1.1)
    net-http-digest_auth (1.4.1)
    net-http-persistent (4.0.1)
      connection_pool (~> 2.2)
    nokogiri (1.12.2-x86_64-darwin)
      racc (~> 1.4)
    nokogiri (1.12.2-x86_64-linux)
      racc (~> 1.4)
    pry (0.14.1)
      coderay (~> 1.1)
      method_source (~> 1.0)
    public_suffix (4.0.6)
    racc (1.5.2)
    rake (13.0.6)
    relaton (1.8.1)
      relaton-bipm (~> 1.8.0)
      relaton-bsi (~> 1.8.0)
      relaton-calconnect (~> 1.8.0)
      relaton-cen (~> 1.8.pre1)
      relaton-cie (~> 1.8.0)
      relaton-ecma (~> 1.8.0)
      relaton-gb (~> 1.8.0)
      relaton-iec (>= 1.8.0)
      relaton-ieee (~> 1.8.0)
      relaton-ietf (~> 1.8.0)
      relaton-iho (~> 1.8.0)
      relaton-iso (>= 1.8.0)
      relaton-itu (>= 1.8.0)
      relaton-nist (>= 1.8.0)
      relaton-ogc (~> 1.8.0)
      relaton-omg (~> 1.8.0)
      relaton-un (~> 1.8.0)
      relaton-w3c (~> 1.8.0)
    relaton-bib (1.8.2)
      addressable
      bibtex-ruby
      iso639
      nokogiri
    relaton-bipm (1.8.2)
      mechanize (~> 2.8.0)
      relaton-bib (~> 1.8.0)
      serrano (~> 1.0)
    relaton-bsi (1.8.4)
      mechanize (~> 2.8.0)
      relaton-iso-bib (~> 1.8.0)
    relaton-calconnect (1.8.0)
      faraday
      relaton-bib (~> 1.8.0)
    relaton-cen (1.8.pre1)
      mechanize
      relaton-iso-bib (~> 1.8.0)
    relaton-cie (1.8.0)
      relaton-bib (~> 1.8.0)
    relaton-ecma (1.8.0)
      relaton-bib (~> 1.8.0)
    relaton-gb (1.8.1)
      cnccs (~> 0.1.1)
      gb-agencies (~> 0.0.1)
      relaton-iso-bib (>= 1.8.0)
    relaton-iec (1.8.0)
      addressable
      relaton-iso-bib (~> 1.8.0)
    relaton-ieee (1.8.0)
      faraday (~> 1.1)
      relaton-bib (~> 1.8.0)
    relaton-ietf (1.8.0)
      relaton-bib (~> 1.8.0)
    relaton-iho (1.8.0)
      relaton-bib (~> 1.8.0)
    relaton-iso (1.8.0)
      relaton-iso-bib (~> 1.8.0)
    relaton-iso-bib (1.8.1)
      isoics (~> 0.1.6)
      relaton-bib (~> 1.8.0)
    relaton-itu (1.8.2)
      mechanize (~> 2.8.0)
      relaton-bib (~> 1.8.0)
    relaton-nist (1.8.0)
      relaton-bib (~> 1.8.0)
      rubyzip
    relaton-ogc (1.8.0)
      faraday (~> 1.1)
      relaton-iso-bib (~> 1.8.0)
    relaton-omg (1.8.0)
      relaton-bib (~> 1.8.0)
    relaton-un (1.8.0)
      faraday
      http-cookie
      relaton-bib (~> 1.8.0)
      unf_ext (>= 0.0.7.7)
    relaton-w3c (1.8.0)
      relaton-bib (>= 1.8.0)
    rspec (3.10.0)
      rspec-core (~> 3.10.0)
      rspec-expectations (~> 3.10.0)
      rspec-mocks (~> 3.10.0)
    rspec-core (3.10.1)
      rspec-support (~> 3.10.0)
    rspec-expectations (3.10.1)
      diff-lcs (>= 1.2.0, < 2.0)
      rspec-support (~> 3.10.0)
    rspec-mocks (3.10.2)
      diff-lcs (>= 1.2.0, < 2.0)
      rspec-support (~> 3.10.0)
    rspec-support (3.10.2)
    ruby-debug-ide (0.7.2)
      rake (>= 0.8.1)
    ruby-prof (1.4.3)
    ruby2_keywords (0.0.5)
    rubyntlm (0.6.3)
    rubyzip (2.3.2)
    sequel (5.47.0)
    serrano (1.0.0)
      faraday (~> 1.1)
      faraday_middleware (~> 1.0)
      multi_json (~> 1.15)
      thor (~> 1.0, >= 1.0.1)
    sqlite3 (1.4.2)
    thor (1.1.0)
    unf (0.1.4)
      unf_ext
    unf_ext (0.0.7.7)
    webrick (1.7.0)
    webrobots (0.1.2)
    zeitwerk (2.4.2)

PLATFORMS
  x86_64-darwin-17
  x86_64-linux

DEPENDENCIES
  bundler (~> 2.1)
  debase
  iev-termbase!
  pry
  rake (~> 13.0)
  rspec (~> 3.0)
  ruby-debug-ide
  ruby-prof

BUNDLED WITH
   2.2.21
