PATH
  remote: .
  specs:
    iev-termbase (0.1.13)
      creek (~> 2.5)
      glossarist-new (~> 1.0.0)
      mathml2asciimath (< 1)
      relaton (~> 1.0)
      sequel (~> 5.40)
      sqlite3 (~> 1.4.2)
      thor (~> 1.0)
      zeitwerk (~> 2.4)

GEM
  remote: https://rubygems.org/
  specs:
    activesupport (7.0.4.1)
      concurrent-ruby (~> 1.0, >= 1.0.2)
      i18n (>= 1.6, < 2)
      minitest (>= 5.1)
      tzinfo (~> 2.0)
    addressable (2.8.0)
      public_suffix (>= 2.0.2, < 5.0)
    algolia (2.1.1)
      faraday (>= 0.15, < 2.0)
      multi_json (~> 1.0)
      net-http-persistent
    amazing_print (1.4.0)
    bcp47 (0.3.3)
      i18n
    bibtex-ruby (6.0.0)
      latex-decode (~> 0.0)
    builder (3.2.4)
    cnccs (0.1.6)
    coderay (1.1.3)
    concurrent-ruby (1.1.10)
    connection_pool (2.2.5)
    creek (2.5.3)
      nokogiri (>= 1.10.0)
      rubyzip (>= 1.0.0)
    date (3.2.2)
    debug (1.5.0)
      irb (>= 1.3.6)
      reline (>= 0.2.7)
    diff-lcs (1.4.4)
    domain_name (0.5.20190701)
      unf (>= 0.0.5, < 1.0.0)
    ebnf (2.3.1)
      amazing_print (~> 1.4)
      htmlentities (~> 4.3)
      rdf (~> 3.2)
      scanf (~> 1.0)
      sxp (~> 1.2)
      unicode-types (~> 1.7)
    equivalent-xml (0.6.0)
      nokogiri (>= 1.4.3)
    faraday (1.8.0)
      faraday-em_http (~> 1.0)
      faraday-em_synchrony (~> 1.0)
      faraday-excon (~> 1.1)
      faraday-httpclient (~> 1.0.1)
      faraday-net_http (~> 1.0)
      faraday-net_http_persistent (~> 1.1)
      faraday-patron (~> 1.0)
      faraday-rack (~> 1.0)
      multipart-post (>= 1.2, < 3)
      ruby2_keywords (>= 0.0.4)
    faraday-em_http (1.0.0)
    faraday-em_synchrony (1.0.0)
    faraday-excon (1.1.0)
    faraday-httpclient (1.0.1)
    faraday-net_http (1.0.1)
    faraday-net_http_persistent (1.2.0)
    faraday-patron (1.0.0)
    faraday-rack (1.0.0)
    faraday_middleware (1.2.0)
      faraday (~> 1.0)
    gb-agencies (0.0.7)
    glossarist-new (1.0.0)
    graphql (1.13.6)
    graphql-client (0.16.0)
      activesupport (>= 3.0)
      graphql (~> 1.8)
    haml (5.2.2)
      temple (>= 0.8.0)
      tilt
    htmlentities (4.3.4)
    http-cookie (1.0.5)
      domain_name (~> 0.5)
    i18n (1.12.0)
      concurrent-ruby (~> 1.0)
    io-console (0.5.11)
    irb (1.4.1)
      reline (>= 0.3.0)
    iso639 (1.3.2)
    isoics (0.1.11)
    json-canonicalization (0.3.0)
    json-ld (3.2.1)
      htmlentities (~> 4.3)
      json-canonicalization (~> 0.3)
      link_header (~> 0.0, >= 0.0.8)
      multi_json (~> 1.15)
      rack (~> 2.2)
      rdf (~> 3.2)
    json-ld-preloaded (3.2.0)
      json-ld (~> 3.2)
      rdf (~> 3.2)
    latex-decode (0.3.2)
    ld-patch (3.1.3)
      ebnf (~> 2.1)
      rdf (~> 3.1)
      rdf-xsd (~> 3.1)
      sparql (~> 3.1)
      sxp (~> 1.1)
    link_header (0.0.8)
    linkeddata (3.1.6)
      equivalent-xml (~> 0.6)
      json-ld (~> 3.1, >= 3.1.10)
      json-ld-preloaded (~> 3.1, >= 3.1.6)
      ld-patch (~> 3.1, >= 3.1.3)
      nokogiri (~> 1.12)
      rdf (~> 3.1, >= 3.1.15)
      rdf-aggregate-repo (~> 3.1)
      rdf-isomorphic (~> 3.1, >= 3.1.1)
      rdf-json (~> 3.1)
      rdf-microdata (~> 3.1, >= 3.1.4)
      rdf-n3 (~> 3.1, >= 3.1.2)
      rdf-normalize (~> 0.4)
      rdf-ordered-repo (~> 3.1, >= 3.1.1)
      rdf-rdfa (~> 3.1, >= 3.1.3)
      rdf-rdfxml (~> 3.1, >= 3.1.1)
      rdf-reasoner (~> 0.7, >= 0.7.2)
      rdf-tabular (~> 3.1, >= 3.1.1)
      rdf-trig (~> 3.1, >= 3.1.2)
      rdf-trix (~> 3.1, >= 3.1.1)
      rdf-turtle (~> 3.1, >= 3.1.3)
      rdf-vocab (~> 3.1, >= 3.1.14)
      rdf-xsd (~> 3.1, >= 3.1.1)
      shacl (~> 0.1, >= 0.1.1)
      shex (~> 0.6, >= 0.6.4)
      sparql (~> 3.1, >= 3.1.8)
      sparql-client (~> 3.1, >= 3.1.2)
    logger (1.5.1)
    mathml2asciimath (0.0.14)
      htmlentities (~> 4.3.4)
      nokogiri (~> 1)
    matrix (0.4.2)
    mdb (0.5.0)
    mechanize (2.8.4)
      addressable (~> 2.8)
      domain_name (~> 0.5, >= 0.5.20190701)
      http-cookie (~> 1.0, >= 1.0.3)
      mime-types (~> 3.0)
      net-http-digest_auth (~> 1.4, >= 1.4.1)
      net-http-persistent (>= 2.5.2, < 5.0.dev)
      nokogiri (~> 1.11, >= 1.11.2)
      rubyntlm (~> 0.6, >= 0.6.3)
      webrick (~> 1.7)
      webrobots (~> 0.1.2)
    method_source (1.0.0)
    mime-types (3.4.1)
      mime-types-data (~> 3.2015)
    mime-types-data (3.2022.0105)
    minitest (5.17.0)
    multi_json (1.15.0)
    multipart-post (2.1.1)
    net-ftp (0.1.3)
      net-protocol
      time
    net-http-digest_auth (1.4.1)
    net-http-persistent (4.0.1)
      connection_pool (~> 2.2)
    net-protocol (0.1.3)
      timeout
    nokogiri (1.13.6-x86_64-darwin)
      racc (~> 1.4)
    nokogiri (1.13.6-x86_64-linux)
      racc (~> 1.4)
    pry (0.14.1)
      coderay (~> 1.1)
      method_source (~> 1.0)
    public_suffix (4.0.7)
    racc (1.6.0)
    rack (2.2.3)
    rake (13.0.6)
    rdf (3.2.7)
      link_header (~> 0.0, >= 0.0.8)
    rdf-aggregate-repo (3.2.0)
      rdf (~> 3.2)
    rdf-isomorphic (3.2.1)
      rdf (~> 3.2)
    rdf-json (3.2.0)
      rdf (~> 3.2)
    rdf-microdata (3.2.1)
      htmlentities (~> 4.3)
      nokogiri (~> 1.13)
      rdf (~> 3.2)
      rdf-rdfa (~> 3.2)
      rdf-xsd (~> 3.2)
    rdf-n3 (3.1.2)
      ebnf (~> 2.1)
      rdf (~> 3.1, >= 3.1.8)
      sparql (~> 3.1, >= 3.1.4)
      sxp (~> 1.1)
    rdf-normalize (0.5.0)
      rdf (~> 3.2)
    rdf-ordered-repo (3.2.1)
      rdf (~> 3.2, >= 3.2.1)
    rdf-rdfa (3.2.0)
      haml (~> 5.2)
      htmlentities (~> 4.3)
      rdf (~> 3.2)
      rdf-aggregate-repo (~> 3.2)
      rdf-vocab (~> 3.2)
      rdf-xsd (~> 3.2)
    rdf-rdfxml (3.2.0)
      htmlentities (~> 4.3)
      rdf (~> 3.2)
      rdf-rdfa (~> 3.2)
      rdf-xsd (~> 3.2)
    rdf-reasoner (0.8.0)
      rdf (~> 3.2)
      rdf-xsd (~> 3.2)
    rdf-tabular (3.2.1)
      addressable (~> 2.8)
      bcp47 (~> 0.3, >= 0.3.3)
      json-ld (~> 3.2)
      rdf (~> 3.2, >= 3.2.7)
      rdf-vocab (~> 3.2)
      rdf-xsd (~> 3.2)
    rdf-trig (3.2.0)
      ebnf (~> 2.2)
      rdf (~> 3.2)
      rdf-turtle (~> 3.2)
    rdf-trix (3.2.0)
      rdf (~> 3.2)
      rdf-xsd (~> 3.2)
    rdf-turtle (3.2.0)
      ebnf (~> 2.3)
      rdf (~> 3.2)
    rdf-vocab (3.2.1)
      rdf (~> 3.2, >= 3.2.4)
    rdf-xsd (3.2.1)
      rdf (~> 3.2)
      rexml (~> 3.2)
    relaton (1.11.2)
      relaton-3gpp (~> 1.11.0)
      relaton-bipm (~> 1.11.0)
      relaton-bsi (~> 1.11.0)
      relaton-calconnect (~> 1.11.0)
      relaton-cen (~> 1.11.0)
      relaton-cie (~> 1.11.0)
      relaton-ecma (~> 1.11.0)
      relaton-gb (~> 1.11.0)
      relaton-iana (~> 1.11.0)
      relaton-iec (~> 1.11.0)
      relaton-ieee (~> 1.11.0)
      relaton-ietf (~> 1.11.0)
      relaton-iho (~> 1.11.0)
      relaton-iso (~> 1.11.0)
      relaton-itu (~> 1.11.0)
      relaton-nist (~> 1.11.0)
      relaton-oasis (~> 1.11.0)
      relaton-ogc (~> 1.11.0)
      relaton-omg (~> 1.11.0)
      relaton-un (~> 1.11.0)
      relaton-w3c (~> 1.11.0)
    relaton-3gpp (1.11.1)
      mdb (~> 0.5.0)
      net-ftp (~> 0.1.0)
      relaton-bib (~> 1.11.0)
      rubyzip (~> 2.3.0)
    relaton-bib (1.11.6)
      addressable
      bibtex-ruby
      htmlentities
      iso639
      nokogiri (~> 1.13.0)
    relaton-bipm (1.11.2)
      mechanize (~> 2.8.0)
      relaton-bib (~> 1.11.0)
      serrano (~> 1.0)
    relaton-bsi (1.11.1)
      algolia (~> 2.1.1)
      graphql (= 1.13.6)
      graphql-client (~> 0.16.0)
      relaton-iso-bib (~> 1.11.0)
    relaton-calconnect (1.11.0)
      faraday
      relaton-bib (~> 1.11.0)
    relaton-cen (1.11.1)
      mechanize
      relaton-iso-bib (~> 1.11.0)
    relaton-cie (1.11.0)
      mechanize (~> 2.8.0)
      relaton-bib (~> 1.11.0)
    relaton-ecma (1.11.0)
      relaton-bib (~> 1.11.0)
    relaton-gb (1.11.0)
      cnccs (~> 0.1.1)
      gb-agencies (~> 0.0.1)
      relaton-iso-bib (~> 1.11.0)
    relaton-iana (1.11.0)
      faraday (~> 1.8.0)
      relaton-bib (~> 1.11.0)
    relaton-iec (1.11.3)
      addressable
      relaton-iso-bib (~> 1.11.0)
    relaton-ieee (1.11.1)
      faraday (~> 1.1)
      relaton-bib (~> 1.11.0)
      rubyzip (~> 2.3.0)
    relaton-ietf (1.11.5)
      relaton-bib (~> 1.11.0)
    relaton-iho (1.11.0)
      relaton-bib (~> 1.11.0)
    relaton-iso (1.11.1)
      algolia
      relaton-iso-bib (~> 1.11.0)
    relaton-iso-bib (1.11.0)
      isoics (~> 0.1.6)
      relaton-bib (~> 1.11.0)
    relaton-itu (1.11.0)
      mechanize (~> 2.8.0)
      relaton-bib (~> 1.11.0)
    relaton-nist (1.11.4)
      relaton-bib (~> 1.11.0)
      rubyzip
    relaton-oasis (1.11.0)
      mechanize
      relaton-bib (~> 1.11.0)
    relaton-ogc (1.11.1)
      faraday (~> 1.0)
      relaton-iso-bib (~> 1.11.0)
    relaton-omg (1.11.2)
      relaton-bib (~> 1.11.0)
    relaton-un (1.11.0)
      faraday
      http-cookie
      relaton-bib (~> 1.11.0)
      unf_ext (>= 0.0.7.7)
    relaton-w3c (1.11.5)
      linkeddata (~> 3.1.0)
      mechanize (~> 2.8.0)
      rdf (~> 3.2.0)
      rdf-normalize (~> 0.5.0)
      relaton-bib (~> 1.11.0)
      rubyzip (~> 2.3.0)
      shex (~> 0.6.0)
      sparql (~> 3.1.0)
    reline (0.3.1)
      io-console (~> 0.5)
    rexml (3.2.5)
    rspec (3.10.0)
      rspec-core (~> 3.10.0)
      rspec-expectations (~> 3.10.0)
      rspec-mocks (~> 3.10.0)
    rspec-core (3.10.1)
      rspec-support (~> 3.10.0)
    rspec-expectations (3.10.1)
      diff-lcs (>= 1.2.0, < 2.0)
      rspec-support (~> 3.10.0)
    rspec-mocks (3.10.2)
      diff-lcs (>= 1.2.0, < 2.0)
      rspec-support (~> 3.10.0)
    rspec-support (3.10.2)
    ruby-prof (1.4.3)
    ruby2_keywords (0.0.5)
    rubyntlm (0.6.3)
    rubyzip (2.3.2)
    scanf (1.0.0)
    sequel (5.56.0)
    serrano (1.0.0)
      faraday (~> 1.1)
      faraday_middleware (~> 1.0)
      multi_json (~> 1.15)
      thor (~> 1.0, >= 1.0.1)
    shacl (0.1.1)
      json-ld (~> 3.1, >= 3.1.7)
      rdf (~> 3.1, >= 3.1.8)
      sparql (~> 3.1)
      sxp (~> 1.1)
    shex (0.6.4)
      ebnf (~> 2.1, >= 2.2)
      htmlentities (~> 4.3)
      json-ld (~> 3.1)
      json-ld-preloaded (~> 3.1)
      rdf (~> 3.1)
      rdf-xsd (~> 3.1)
      sparql (~> 3.1)
      sxp (~> 1.1)
    sparql (3.1.8)
      builder (~> 3.2)
      ebnf (~> 2.1)
      logger (~> 1.4)
      rdf (~> 3.1, >= 3.1.14)
      rdf-aggregate-repo (~> 3.1)
      rdf-xsd (~> 3.1)
      sparql-client (~> 3.1, >= 3.1.2)
      sxp (~> 1.1)
    sparql-client (3.2.1)
      net-http-persistent (~> 4.0, >= 4.0.1)
      rdf (~> 3.2, >= 3.2.6)
    sqlite3 (1.4.2)
    sxp (1.2.2)
      matrix
      rdf (~> 3.2)
    temple (0.8.2)
    thor (1.2.1)
    tilt (2.0.10)
    time (0.2.0)
      date
    timeout (0.3.0)
    tzinfo (2.0.5)
      concurrent-ruby (~> 1.0)
    unf (0.1.4)
      unf_ext
    unf_ext (0.0.8.2)
    unicode-types (1.7.0)
    webrick (1.7.0)
    webrobots (0.1.2)
    zeitwerk (2.5.4)

PLATFORMS
  x86_64-darwin-21
  x86_64-linux

DEPENDENCIES
  bundler (~> 2.3)
  debug (>= 1.0.0)
  iev-termbase!
  pry
  rake (~> 13.0)
  rspec (~> 3.0)
  ruby-prof

BUNDLED WITH
   2.3.14
